GEM
  remote: http://rubygems.org/
  specs:
    RedCloth (4.2.8)
    chunky_png (1.2.5)
    coderay (1.0.4)
    compass (0.11.5)
      chunky_png (~> 1.2)
      fssm (>= 0.2.7)
      sass (~> 3.1)
    diff-lcs (1.1.3)
    fssm (0.2.7)
    grit (2.4.1)
      diff-lcs (~> 1.1)
      mime-types (~> 1.15)
    haml (3.1.3)
    haml-coderay (0.1.2)
      coderay
      haml
    mime-types (1.17.2)
    rack (1.3.5)
    sass (3.1.10)
    staticmatic (0.11.1)
      compass (>= 0.10.0)
      haml (>= 2.0.0)
      rack (>= 1.0)

PLATFORMS
  ruby

DEPENDENCIES
  RedCloth
  coderay
  compass
  grit
  haml
  haml-coderay
  rack
  staticmatic
